GEM
  remote: https://rubygems.org/
  specs:
    activemodel (6.1.7.10)
      activesupport (= 6.1.7.10)
    activerecord (6.1.7.10)
      activemodel (= 6.1.7.10)
      activesupport (= 6.1.7.10)
    activesupport (6.1.7.10)
      concurrent-ruby (~> 1.0, >= 1.0.2)
      i18n (>= 1.6, < 2)
      minitest (>= 5.1)
      tzinfo (~> 2.0)
      zeitwerk (~> 2.3)
    bcrypt (3.1.20)
    cloudinary (2.4.0)
      faraday (>= 2.0.1, < 3.0.0)
      faraday-follow_redirects (~> 0.3.0)
      faraday-multipart (~> 1.0, >= 1.0.4)
      ostruct
    coderay (1.1.3)
    concurrent-ruby (1.3.5)
    dotenv (3.1.8)
    faraday (2.14.0)
      faraday-net_http (>= 2.0, < 3.5)
      json
      logger
    faraday-follow_redirects (0.3.0)
      faraday (>= 1, < 3)
    faraday-multipart (1.1.1)
      multipart-post (~> 2.0)
    faraday-net_http (3.4.1)
      net-http (>= 0.5.0)
    i18n (1.14.7)
      concurrent-ruby (~> 1.0)
    json (2.15.2)
    logger (1.7.0)
    method_source (1.1.0)
    minitest (5.26.0)
    multi_json (1.17.0)
    multipart-post (2.4.1)
    mustermann (2.0.2)
      ruby2_keywords (~> 0.0.1)
    net-http (0.7.0)
      uri
    ostruct (0.6.3)
    pg (1.6.2-arm64-darwin)
    pry (0.15.2)
      coderay (~> 1.1)
      method_source (~> 1.0)
    rack (2.2.20)
    rack-protection (2.2.4)
      rack
    rake (13.3.1)
    ruby2_keywords (0.0.5)
    sinatra (2.2.4)
      mustermann (~> 2.0)
      rack (~> 2.2)
      rack-protection (= 2.2.4)
      tilt (~> 2.0)
    sinatra-activerecord (2.0.28)
      activerecord (>= 4.1)
      sinatra (>= 1.0)
    sinatra-contrib (2.2.4)
      multi_json
      mustermann (~> 2.0)
      rack-protection (= 2.2.4)
      sinatra (= 2.2.4)
      tilt (~> 2.0)
    sinatra-flash (0.3.0)
      sinatra (>= 1.0.0)
    tilt (2.6.1)
    tzinfo (2.0.6)
      concurrent-ruby (~> 1.0)
    uri (1.1.0)
    webrick (1.9.1)
    zeitwerk (2.7.3)

PLATFORMS
  arm64-darwin-23
  arm64-darwin-24

DEPENDENCIES
  activerecord (~> 6.1.7, >= 6.1.7.9)
  activesupport (~> 6.1.7, >= 6.1.7.9)
  bcrypt (~> 3.1, >= 3.1.11)
  cloudinary
  dotenv
  pg (~> 1.2)
  pry
  rake (~> 13.0)
  sinatra (~> 2.1)
  sinatra-activerecord (~> 2.0)
  sinatra-contrib (~> 2.1)
  sinatra-flash
  webrick (~> 1.7)

RUBY VERSION
   ruby 3.2.3p157

BUNDLED WITH
   2.2.3
